PATH
  remote: ../../../zucy
  specs:
    zucy (0.1.0)
      rack (~> 1.0)

GEM
  remote: https://rubygems.org/
  specs:
    rack (1.6.4)

PLATFORMS
  ruby

DEPENDENCIES
  zucy!

BUNDLED WITH
   1.10.6
